GEM
  remote: https://rubygems.org/
  specs:
    amq-protocol (2.3.0)
    bunny (2.14.4)
      amq-protocol (~> 2.3, >= 2.3.0)

PLATFORMS
  ruby

DEPENDENCIES
  bunny!

BUNDLED WITH
   2.1.2
